PATH
  remote: .
  specs:
    codeclimate-yaml (0.0.1)

GEM
  remote: https://rubygems.org/
  specs:
    ansi (1.5.0)
    builder (3.2.2)
    coderay (1.1.0)
    method_source (0.8.2)
    minitest (5.6.1)
    minitest-reporters (1.0.16)
      ansi
      builder
      minitest (>= 5.0)
      ruby-progressbar
    pry (0.10.1)
      coderay (~> 1.1.0)
      method_source (~> 0.8.1)
      slop (~> 3.4)
    ruby-progressbar (1.7.5)
    slop (3.6.0)

PLATFORMS
  ruby

DEPENDENCIES
  codeclimate-yaml!
  minitest
  minitest-reporters
  pry
